GIT
  remote: git://github.com/ethul/rake-pipeline-web-filters.git
  revision: 4977b1b7de9c34b77e4f1e706fdead66ea5c01e0
  branch: feature-roy-filter
  specs:
    rake-pipeline-web-filters (0.6.0)
      rack
      rake-pipeline (~> 0.6)

GIT
  remote: https://github.com/livingsocial/rake-pipeline.git
  revision: 543f4322fe70facee9572d29ddabf7f090dad68a
  specs:
    rake-pipeline (0.6.0)
      rake (~> 0.9.0)
      thor

GIT
  remote: https://github.com/tmcgilchrist/ruby-roy.git
  revision: 1f46c53de5ee70d35c9136a7ceae7ca58b843de3
  specs:
    roy-lang (0.0.2)
      execjs (~> 1.3)

GEM
  remote: https://rubygems.org/
  specs:
    POpen4 (0.1.4)
      Platform (>= 0.4.0)
      open4
    Platform (0.4.0)
    chunky_png (1.2.5)
    compass (0.12.1)
      chunky_png (~> 1.2)
      fssm (>= 0.2.7)
      sass (~> 3.1)
    execjs (1.4.0)
      multi_json (~> 1.0)
    fssm (0.2.9)
    multi_json (1.3.6)
    open4 (1.3.0)
    rack (1.4.1)
    rake (0.9.2.2)
    sass (3.1.19)
    thor (0.15.3)
    uglifier (1.2.5)
      execjs (>= 0.3.0)
      multi_json (~> 1.3)
    yui-compressor (0.9.6)
      POpen4 (>= 0.1.4)

PLATFORMS
  ruby

DEPENDENCIES
  compass
  rack
  rake-pipeline!
  rake-pipeline-web-filters!
  roy-lang!
  sass
  uglifier
  yui-compressor
